GEM
  remote: https://rubygems.org/
  specs:
    rake (10.0.3)
    redcarpet (2.2.2)

PLATFORMS
  ruby

DEPENDENCIES
  rake
  redcarpet
